GEM
  remote: https://rubygems.org/
  specs:
    addressable (2.5.2)
      public_suffix (>= 2.0.2, < 4.0)
    byebug (9.0.6)
    coderay (1.1.1)
    diff-lcs (1.2.5)
    foreman (0.84.0)
      thor (~> 0.19.1)
    govuk_schemas (3.1.0)
      json-schema (~> 2.8.0)
    json-schema (2.8.0)
      addressable (>= 2.4)
    jsonnet (0.2.0)
      mini_portile2 (~> 2.2.0)
    method_source (0.8.2)
    mini_portile2 (2.2.0)
    mustermann (1.0.1)
    pry (0.10.4)
      coderay (~> 1.1.0)
      method_source (~> 0.8.1)
      slop (~> 3.4)
    pry-byebug (3.4.0)
      byebug (~> 9.0)
      pry (~> 0.10)
    public_suffix (3.0.1)
    rack (2.0.3)
    rack-protection (2.0.0)
      rack
    rack-test (0.8.2)
      rack (>= 1.0, < 3)
    rake (10.4.2)
    rspec (3.1.0)
      rspec-core (~> 3.1.0)
      rspec-expectations (~> 3.1.0)
      rspec-mocks (~> 3.1.0)
    rspec-core (3.1.7)
      rspec-support (~> 3.1.0)
    rspec-expectations (3.1.2)
      diff-lcs (>= 1.2.0, < 2.0)
      rspec-support (~> 3.1.0)
    rspec-mocks (3.1.3)
      rspec-support (~> 3.1.0)
    rspec-support (3.1.2)
    sinatra (2.0.0)
      mustermann (~> 1.0)
      rack (~> 2.0)
      rack-protection (= 2.0.0)
      tilt (~> 2.0)
    slop (3.6.0)
    thor (0.19.4)
    tilt (2.0.8)

PLATFORMS
  ruby

DEPENDENCIES
  foreman (~> 0.84.0)
  govuk_schemas (~> 3.1.0)
  json-schema
  jsonnet (~> 0.2)
  pry-byebug
  rack-test (~> 0.8.2)
  rake
  rspec
  sinatra (~> 2.0)

RUBY VERSION
   ruby 2.3.1p112

BUNDLED WITH
   1.15.1
